{
    "Modality": "MR",
    "MagneticFieldStrength": 3,
    "ImagingFrequency": 123.223195,
    "Manufacturer": "Siemens",
    "ManufacturersModelName": "Prisma",
    "InstitutionName": "Fudan university",
    "InstitutionalDepartmentName": "Department",
    "InstitutionAddress": "Zhangheng street No.825,Shanghai,Pudong,CN,ZIP",
    "DeviceSerialNumber": "166104",
    "StationName": "AWP166104",
    "BodyPartExamined": "SPINE",
    "PatientPosition": "HFS",
    "ProcedureStepDescription": "JIA FUMIN^Spine MRI",
    "SoftwareVersions": "syngo MR E11",
    "MRAcquisitionType": "2D",
    "SeriesDescription": "I_t2_tse_sag_384_C1-C8_COMP_SP_1",
    "ProtocolName": "IV_t2_tse_sag_384_L2-S",
    "ScanningSequence": "SE",
    "SequenceVariant": "SK\\SP\\OSP",
    "SequenceName": "*tseR2d1rr19",
    "ImageType": [
        "ORIGINAL",
        "PRIMARY",
        "M",
        "NORM",
        "DIS2D",
        "COMP",
        "SP",
        "COMPOSED"
    ],
    "NonlinearGradientCorrection": true,
    "SeriesNumber": 14,
    "AcquisitionTime": "18:48:39.017500",
    "AcquisitionNumber": 1,
    "SliceThickness": 3.3,
    "SpacingBetweenSlices": 3.3,
    "SAR": 1.95318,
    "EchoTime": 0.104,
    "RepetitionTime": 3.5,
    "SpoilingState": true,
    "FlipAngle": 160,
    "PartialFourier": 1,
    "BaseResolution": 384,
    "ShimSetting": [
        2518,
        -6090,
        -4658,
        30,
        68,
        -19,
        -36,
        11
    ],
    "TxRefAmp": 304.479,
    "PhaseResolution": 0.8,
    "PhaseOversampling": 0.8,
    "ReceiveCoilName": "HeadNeck_20",
    "ReceiveCoilActiveElements": "BO1-3;HE1-4;NE1,2;SP1-6",
    "PulseSequenceDetails": "%SiemensSeq%\\tse",
    "CoilCombinationMethod": "Adaptive Combine",
    "ConsistencyInfo": "N4_VE11C_LATEST_20160120",
    "MatrixCoilMode": "SENSE",
    "PercentPhaseFOV": 100,
    "PercentSampling": 80,
    "EchoTrainLength": 19,
    "PhaseEncodingSteps": 570,
    "AcquisitionMatrixPE": 307,
    "ReconMatrixPE": 1317,
    "PixelBandwidth": 260,
    "DwellTime": 5e-06,
    "PhaseEncodingDirection": "j-",
    "SliceTiming": [
        68.5,
        0,
        68.7344,
        0.23438,
        68.9688,
        0.46875,
        69.2031,
        0.70312,
        69.4375,
        0.9375,
        69.6719,
        1.17188,
        69.9062,
        1.40625,
        70.1406,
        1.64062,
        70.3594,
        1.85938,
        70.6094,
        2.10938,
        70.8281,
        2.32812,
        71.0625,
        2.5625,
        71.2969,
        2.79688,
        71.5312,
        3.03125,
        71.7656,
        3.26562
    ],
    "ImageOrientationPatientDICOM": [
        0,
        1,
        4.897e-12,
        0,
        4.897e-12,
        -1
    ],
    "ImageOrientationText": "Sag",
    "InPlanePhaseEncodingDirectionDICOM": "COL",
    "BidsGuess": [
        "anat",
        "_acq-tseR2_run-14"
    ],
    "ConversionSoftware": "dcm2niix",
    "ConversionSoftwareVersion": "v1.0.20240202",
    "Dcm2bidsVersion": "3.1.1"
}